GIT
  remote: https://github.com/ankane/stream_logger
  revision: 0ee0c708c1e4a363a656ff03f49634f5f72399fa
  specs:
    stream_logger (0.0.1)

GEM
  remote: http://rubygems.org/
  specs:
    addressable (2.2.6)
    daemon-spawn (0.4.2)
    em-hiredis (0.1.0)
      hiredis (~> 0.3.0)
    em-http-request (0.3.0)
      addressable (>= 2.0.0)
      escape_utils
      eventmachine (>= 0.12.9)
    em-websocket (0.3.3)
      addressable (>= 2.1.1)
      eventmachine (>= 0.12.9)
    escape_utils (0.2.4)
    eventmachine (0.12.10)
    hiredis (0.3.2)

PLATFORMS
  ruby

DEPENDENCIES
  daemon-spawn
  em-hiredis
  em-http-request
  em-websocket
  stream_logger!
